GEM
  remote: https://rubygems.org/
  specs:
    erubis (2.7.0)
    jruby-jars (1.7.4)
    jruby-rack (1.1.13.2)
    puma (2.4.0)
      rack (>= 1.1, < 2.0)
    puma (2.4.0-java)
      rack (>= 1.1, < 2.0)
    rack (1.5.2)
    rack-protection (1.5.0)
      rack
    rake (10.1.0)
    rubyzip (0.9.9)
    sinatra (1.4.3)
      rack (~> 1.4)
      rack-protection (~> 1.4)
      tilt (~> 1.3, >= 1.3.4)
    tilt (1.4.1)
    warbler (1.3.8)
      jruby-jars (>= 1.5.6)
      jruby-rack (>= 1.0.0)
      rake (>= 0.9.6)
      rubyzip (>= 0.9.8)

PLATFORMS
  java
  ruby

DEPENDENCIES
  erubis
  puma
  sinatra
  warbler
